GEM
  remote: http://rubygems.org/
  specs:
    dev (2.1.154)
      rspec (~> 3.8)
      rubyzip (>= 1.2, < 3.0)
    diff-lcs (1.5.0)
    execute (0.1.78)
      sys-proctable (>= 1.2.6)
    ffi (1.15.5-x64-mingw32)
    rake (13.0.6)
    rspec (3.11.0)
      rspec-core (~> 3.11.0)
      rspec-expectations (~> 3.11.0)
      rspec-mocks (~> 3.11.0)
    rspec-core (3.11.0)
      rspec-support (~> 3.11.0)
    rspec-expectations (3.11.0)
      diff-lcs (>= 1.2.0, < 2.0)
      rspec-support (~> 3.11.0)
    rspec-mocks (3.11.1)
      diff-lcs (>= 1.2.0, < 2.0)
      rspec-support (~> 3.11.0)
    rspec-support (3.11.0)
    rubyzip (2.3.2)
    sys-proctable (1.2.6)
      ffi

PLATFORMS
  x64-mingw32

DEPENDENCIES
  bundler
  dev
  execute (~> 0.1.78)
  rake
  rspec

BUNDLED WITH
   2.3.21
