GEM
  remote: http://rubygems.org/
  specs:
    dev (2.0.212)
      rake (~> 10.1)
      rspec (~> 3.0)
    diff-lcs (1.2.5)
    execute (0.1.63)
      sys-proctable (>= 0.9.8)
    rake (10.4.2)
    rspec (3.3.0)
      rspec-core (~> 3.3.0)
      rspec-expectations (~> 3.3.0)
      rspec-mocks (~> 3.3.0)
    rspec-core (3.3.2)
      rspec-support (~> 3.3.0)
    rspec-expectations (3.3.1)
      diff-lcs (>= 1.2.0, < 2.0)
      rspec-support (~> 3.3.0)
    rspec-mocks (3.3.2)
      diff-lcs (>= 1.2.0, < 2.0)
      rspec-support (~> 3.3.0)
    rspec-support (3.3.0)
    sys-proctable (1.0.0-universal-mingw32)

PLATFORMS
  x64-mingw32

DEPENDENCIES
  bundler
  dev
  execute (~> 0.1.63)
  rake
  rspec

BUNDLED WITH
   1.10.6
