GEM
  remote: http://rubygems.org/
  specs:
    ansi (1.5.0)
    dev (2.0.297)
      ansi (~> 1.5)
      rake (~> 10.1)
      rspec (~> 3.0)
    diff-lcs (1.2.5)
    execute (0.1.76)
      sys-proctable (>= 1.2.1)
    ffi (1.10.0-x64-mingw32)
    ffi (1.10.0-x86-mingw32)
    rake (10.5.0)
    rspec (3.4.0)
      rspec-core (~> 3.4.0)
      rspec-expectations (~> 3.4.0)
      rspec-mocks (~> 3.4.0)
    rspec-core (3.4.2)
      rspec-support (~> 3.4.0)
    rspec-expectations (3.4.0)
      diff-lcs (>= 1.2.0, < 2.0)
      rspec-support (~> 3.4.0)
    rspec-mocks (3.4.1)
      diff-lcs (>= 1.2.0, < 2.0)
      rspec-support (~> 3.4.0)
    rspec-support (3.4.1)
    sys-proctable (1.2.1)
      ffi

PLATFORMS
  x64-mingw32
  x86-mingw32

DEPENDENCIES
  bundler
  dev
  execute (~> 0.1.76)
  rake
  rspec

BUNDLED WITH
   1.17.2
